GIT
  remote: git://github.com/marcozwyssig/asciidoctor-confluence.git
  revision: acce519cc372e3892098c17b39aced741c4e7a88
  specs:
    asciidoctor-confluence (0.0.2)
      asciidoctor (~> 1.5.2, >= 1.5)
      faraday (~> 0.9.1, >= 0.9)
      json (~> 1.8.2, >= 1.8.2)

GEM
  remote: https://rubygems.org/
  specs:
    Ascii85 (1.0.2)
    addressable (2.5.1)
      public_suffix (~> 2.0, >= 2.0.2)
    afm (0.2.2)
    asciidoctor (1.5.5)
    asciidoctor-diagram (1.5.3)
      asciidoctor (~> 1.5.0)
    asciidoctor-pdf (1.5.0.alpha.13)
      asciidoctor (>= 1.5.0)
      prawn (>= 1.3.0, < 3.0.0)
      prawn-icon (= 1.2.0)
      prawn-svg (>= 0.21.0, < 0.26.0)
      prawn-table (= 0.2.2)
      prawn-templates (= 0.0.3)
      safe_yaml (~> 1.0.4)
      thread_safe (~> 0.3.5)
      treetop (= 1.5.3)
    css_parser (1.5.0)
      addressable
    faraday (0.9.2)
      multipart-post (>= 1.2, < 3)
    hashery (2.1.2)
    json (1.8.6)
    multipart-post (2.0.0)
    pdf-core (0.7.0)
    pdf-reader (1.4.1)
      Ascii85 (~> 1.0.0)
      afm (~> 0.2.1)
      hashery (~> 2.0)
      ruby-rc4
      ttfunk
    polyglot (0.3.5)
    prawn (2.2.2)
      pdf-core (~> 0.7.0)
      ttfunk (~> 1.5)
    prawn-icon (1.2.0)
      prawn (>= 1.1.0, < 3.0.0)
    prawn-svg (0.25.2)
      css_parser (~> 1.3)
      prawn (>= 0.11.1, < 3)
    prawn-table (0.2.2)
      prawn (>= 1.3.0, < 3.0.0)
    prawn-templates (0.0.3)
      pdf-reader (~> 1.3)
      prawn (>= 0.15.0)
    public_suffix (2.0.5)
    ruby-rc4 (0.1.5)
    safe_yaml (1.0.4)
    thread_safe (0.3.6)
    treetop (1.5.3)
      polyglot (~> 0.3)
    ttfunk (1.5.1)

PLATFORMS
  x64-mingw32

DEPENDENCIES
  asciidoctor (= 1.5.5)
  asciidoctor-confluence!
  asciidoctor-diagram (= 1.5.3)
  asciidoctor-pdf (= 1.5.0.alpha.13)

BUNDLED WITH
   1.13.7
